PATH
  remote: vendor/gems
  specs:
    lucene_query (0.1)

GEM
  remote: http://rubygems.org/
  remote: http://gems.github.com/
  specs:
    actionmailer (2.3.5)
      actionpack (= 2.3.5)
    actionpack (2.3.5)
      activesupport (= 2.3.5)
      rack (~> 1.0.0)
    activerecord (2.3.5)
      activesupport (= 2.3.5)
    activeresource (2.3.5)
      activesupport (= 2.3.5)
    activesupport (2.3.5)
    columnize (0.3.2)
    daemons (1.1.0)
    eventmachine (0.12.10)
    facets (2.5.2)
    has_many_polymorphs (2.13)
      activerecord
    hpricot (0.8.3)
    htmlentities (4.0.0)
    linecache (0.43)
    open4 (0.9.6)
    paper_trail (1.6.5)
      actionpack (~> 2.3)
      activerecord (~> 2.3)
    rack (1.0.1)
    rails (2.3.5)
      actionmailer (= 2.3.5)
      actionpack (= 2.3.5)
      activerecord (= 2.3.5)
      activeresource (= 2.3.5)
      activesupport (= 2.3.5)
      rake (>= 0.8.3)
    rake (0.8.7)
    rake-remote_task (2.0.3)
      open4 (~> 0.9.0)
      rake (~> 0.8.0)
    ri_cal (0.8.5)
    rspec (1.3.1)
    rspec-rails (1.3.3)
      rack (>= 1.0.0)
      rspec (= 1.3.1)
    rubyzip (0.9.4)
    sqlite3 (1.3.3)
    sqlite3-ruby (1.3.3)
      sqlite3 (>= 1.3.3)
    thin (1.2.8)
      daemons (>= 1.0.9)
      eventmachine (>= 0.12.6)
      rack (>= 1.0.0)
    vlad (2.2.0)
      open4 (~> 0.9.0)
      rake (~> 0.8.0)
      rake-remote_task (~> 2.0)
    vlad-git (2.2.0)
      vlad (>= 2.1.0)
    vpim (0.695)
    will_paginate (2.3.15)

PLATFORMS
  ruby

DEPENDENCIES
  columnize (= 0.3.2)
  facets (= 2.5.2)
  has_many_polymorphs (= 2.13)
  hpricot (= 0.8.3)
  htmlentities (= 4.0.0)
  linecache (= 0.43)
  lucene_query!
  paper_trail (= 1.6.5)
  rails (= 2.3.5)
  ri_cal (= 0.8.5)
  rspec (= 1.3.1)
  rspec-rails (= 1.3.3)
  rubyzip (= 0.9.4)
  sqlite3-ruby
  thin
  vlad
  vlad-git
  vpim (= 0.695)
  will_paginate (= 2.3.15)
